GEM
  remote: https://rubygems.org/
  specs:
    cssminify (1.0.2)
    execjs (2.5.2)
    json (1.8.3)
    mini_portile (0.6.2)
    nokogiri (1.6.6.2)
      mini_portile (~> 0.6.0)
    uglifier (2.7.1)
      execjs (>= 0.3.0)
      json (>= 1.8.0)

PLATFORMS
  ruby

DEPENDENCIES
  cssminify
  nokogiri
  uglifier
